PATH
  remote: .
  specs:
    token-die (0.0.2)
      parsel (~> 0.2.0)

GEM
  remote: https://rubygems.org/
  specs:
    diff-lcs (1.2.5)
    parsel (0.2.0)
    rake (10.4.2)
    rspec (3.3.0)
      rspec-core (~> 3.3.0)
      rspec-expectations (~> 3.3.0)
      rspec-mocks (~> 3.3.0)
    rspec-core (3.3.2)
      rspec-support (~> 3.3.0)
    rspec-expectations (3.3.1)
      diff-lcs (>= 1.2.0, < 2.0)
      rspec-support (~> 3.3.0)
    rspec-mocks (3.3.2)
      diff-lcs (>= 1.2.0, < 2.0)
      rspec-support (~> 3.3.0)
    rspec-support (3.3.0)

PLATFORMS
  ruby

DEPENDENCIES
  bundler (>= 1.8)
  rake (>= 10.0)
  rspec (>= 3.3.0)
  token-die!

BUNDLED WITH
   1.10.6
